GEM
  remote: https://www.rubygems.org/
  specs:
    diff-lcs (1.2.5)
    minitest (5.7.0)
    mrspec (0.2.1)
      minitest (~> 5.0)
      rspec-core (~> 3.0)
      what_weve_got_here_is_an_error_to_communicate (~> 0.0.4)
    rouge (1.9.1)
    rspec (3.3.0)
      rspec-core (~> 3.3.0)
      rspec-expectations (~> 3.3.0)
      rspec-mocks (~> 3.3.0)
    rspec-core (3.3.2)
      rspec-support (~> 3.3.0)
    rspec-expectations (3.3.1)
      diff-lcs (>= 1.2.0, < 2.0)
      rspec-support (~> 3.3.0)
    rspec-mocks (3.3.2)
      diff-lcs (>= 1.2.0, < 2.0)
      rspec-support (~> 3.3.0)
    rspec-support (3.3.0)
    what_weve_got_here_is_an_error_to_communicate (0.0.4)
      rouge (~> 1.8)

PLATFORMS
  ruby

DEPENDENCIES
  mrspec
  rspec

BUNDLED WITH
   1.10.5
